GEM
  remote: https://rubygems.org/
  specs:
    GiphyClient (1.0.0)
      json (~> 1.8, >= 1.8.3)
      typhoeus (~> 1.0, >= 1.0.1)
    diff-lcs (1.3)
    ethon (0.11.0)
      ffi (>= 1.3.0)
    ffi (1.15.5)
    json (1.8.6)
    rspec (3.7.0)
      rspec-core (~> 3.7.0)
      rspec-expectations (~> 3.7.0)
      rspec-mocks (~> 3.7.0)
    rspec-core (3.7.1)
      rspec-support (~> 3.7.0)
    rspec-expectations (3.7.0)
      diff-lcs (>= 1.2.0, < 2.0)
      rspec-support (~> 3.7.0)
    rspec-mocks (3.7.0)
      diff-lcs (>= 1.2.0, < 2.0)
      rspec-support (~> 3.7.0)
    rspec-support (3.7.1)
    typhoeus (1.3.0)
      ethon (>= 0.9.0)

PLATFORMS
  ruby

DEPENDENCIES
  GiphyClient
  rspec

BUNDLED WITH
   1.14.6
